GEM
  remote: https://rubygems.org/
  specs:
    pg (0.17.1)
    rmagick (2.13.3)

PLATFORMS
  ruby

DEPENDENCIES
  pg (= 0.17.1)
  rmagick (= 2.13.3)
